PATH
  remote: .
  specs:
    foreman-export-monit (0.0.2)
      foreman

GEM
  remote: http://rubygems.org/
  specs:
    diff-lcs (1.1.3)
    foreman (0.60.2)
      thor (>= 0.13.6)
    rspec (2.11.0)
      rspec-core (~> 2.11.0)
      rspec-expectations (~> 2.11.0)
      rspec-mocks (~> 2.11.0)
    rspec-core (2.11.1)
    rspec-expectations (2.11.3)
      diff-lcs (~> 1.1.3)
    rspec-mocks (2.11.3)
    thor (0.16.0)

PLATFORMS
  ruby

DEPENDENCIES
  foreman-export-monit!
  rspec
